PATH
  remote: .
  specs:
    ajax_validation (0.0.1)

GEM
  remote: https://rubygems.org/
  specs:
    rake (10.4.2)

PLATFORMS
  ruby

DEPENDENCIES
  ajax_validation!
  bundler (~> 1.3)
  rake
